PATH
  remote: .
  specs:
    airplay (0.3.0.pre)
      celluloid (~> 0.12.4)
      dnssd (~> 2.0)
      net-http-digest_auth (~> 1.2.1)
      net-http-persistent (>= 2.8)
      net-ptth (~> 0.0.2)
      plist (~> 3.1.0)

GEM
  remote: http://rubygems.org/
  specs:
    celluloid (0.12.4)
      facter (>= 1.6.12)
      timers (>= 1.0.0)
    celluloid-io (0.12.1)
      celluloid (~> 0.12.0)
      nio4r (>= 0.4.0)
    columnize (0.3.6)
    debugger (1.2.0)
      columnize (>= 0.3.1)
      debugger-linecache (~> 1.1.1)
      debugger-ruby_core_source (~> 1.1.3)
    debugger-linecache (1.1.2)
      debugger-ruby_core_source (>= 1.1.1)
    debugger-ruby_core_source (1.1.3)
    dnssd (2.0)
    facter (1.6.17)
    fakeweb (1.3.0)
    http-parser-lite (0.6.0)
    minitest (4.4.0)
    net-http-digest_auth (1.2.1)
    net-http-persistent (2.8)
    net-ptth (0.0.2)
      celluloid-io (~> 0.12.1)
      http-parser-lite (~> 0.6.0)
      rack (~> 1.4.4)
    nio4r (0.4.3)
    plist (3.1.0)
    rack (1.4.4)
    rake (0.9.2.2)
    timers (1.0.2)
    vcr (2.4.0)

PLATFORMS
  ruby

DEPENDENCIES
  airplay!
  debugger
  fakeweb (~> 1.3.0)
  minitest (~> 4.4.0)
  rake
  vcr (~> 2.4.0)
