PATH
  remote: .
  specs:
    airplay (1.0.0.beta3)
      CFPropertyList (~> 2.2.0)
      celluloid (~> 0.15.0)
      cuba (~> 3.1.0)
      dnssd (~> 2.0)
      log4r (~> 1.1.10)
      micromachine (~> 1.0.4)
      net-http-digest_auth (~> 1.2.1)
      net-ptth (= 0.0.13)
      uuid (~> 2.3.6)

GEM
  remote: http://rubygems.org/
  specs:
    CFPropertyList (2.2.3)
    celluloid (0.15.2)
      timers (~> 1.1.0)
    celluloid-io (0.15.0)
      celluloid (>= 0.15.0)
      nio4r (>= 0.5.0)
    columnize (0.3.6)
    cuba (3.1.0)
      rack
    debugger (1.6.2)
      columnize (>= 0.3.1)
      debugger-linecache (~> 1.2.0)
      debugger-ruby_core_source (~> 1.2.3)
    debugger-linecache (1.2.0)
    debugger-ruby_core_source (1.2.3)
    dnssd (2.0)
    fakeweb (1.3.0)
    http_parser.rb (0.5.3)
    log4r (1.1.10)
    macaddr (1.6.1)
      systemu (~> 2.5.0)
    micromachine (1.0.4)
    minitest (4.4.0)
    net-http-digest_auth (1.2.1)
    net-ptth (0.0.13)
      celluloid-io (~> 0.15.0)
      http_parser.rb (~> 0.5.3)
      rack (~> 1.5.2)
    nio4r (0.5.0)
    rack (1.5.2)
    rake (10.1.0)
    systemu (2.5.2)
    timers (1.1.0)
    uuid (2.3.7)
      macaddr (~> 1.0)
    vcr (2.4.0)

PLATFORMS
  ruby

DEPENDENCIES
  airplay!
  debugger
  fakeweb (~> 1.3.0)
  minitest (~> 4.4.0)
  rake
  vcr (~> 2.4.0)
