PATH
  remote: .
  specs:
    airplay (0.3.0.pre)
      celluloid (~> 0.12.0)
      dnssd (~> 2.0)
      net-http-digest_auth (~> 1.2.1)
      net-http-persistent (>= 2.7)

GEM
  remote: http://rubygems.org/
  specs:
    celluloid (0.12.0)
      timers (>= 1.0.0)
    dnssd (2.0)
    fakeweb (1.3.0)
    minitest (3.5.0)
    net-http-digest_auth (1.2.1)
    net-http-persistent (2.7)
    rake (0.9.2.2)
    timers (1.0.1)
    vcr (2.2.5)

PLATFORMS
  ruby

DEPENDENCIES
  airplay!
  fakeweb (~> 1.3.0)
  minitest (~> 3.5.0)
  rake
  vcr (~> 2.2.5)
