PATH
  remote: .
  specs:
    airplay (0.3.0.pre)
      CFPropertyList (~> 2.2.0)
      celluloid (~> 0.12.4)
      cuba (~> 3.1.0)
      dnssd (~> 2.0)
      log4r (~> 1.1.10)
      micromachine (~> 1.0.4)
      net-http-digest_auth (~> 1.2.1)
      net-http-persistent (>= 2.8)
      net-ptth (~> 0.0.5)
      uuid (~> 2.3.6)

GEM
  remote: http://rubygems.org/
  specs:
    CFPropertyList (2.2.0)
    celluloid (0.12.4)
      facter (>= 1.6.12)
      timers (>= 1.0.0)
    celluloid-io (0.12.1)
      celluloid (~> 0.12.0)
      nio4r (>= 0.4.0)
    columnize (0.3.6)
    cuba (3.1.0)
      rack
    debugger (1.4.0)
      columnize (>= 0.3.1)
      debugger-linecache (~> 1.1.1)
      debugger-ruby_core_source (~> 1.2.0)
    debugger-linecache (1.1.2)
      debugger-ruby_core_source (>= 1.1.1)
    debugger-ruby_core_source (1.2.0)
    dnssd (2.0)
    facter (1.6.17)
    fakeweb (1.3.0)
    http-parser-lite (0.6.0)
    log4r (1.1.10)
    macaddr (1.6.1)
      systemu (~> 2.5.0)
    micromachine (1.0.4)
    minitest (4.4.0)
    net-http-digest_auth (1.2.1)
    net-http-persistent (2.8)
    net-ptth (0.0.5)
      celluloid-io (~> 0.12.1)
      http-parser-lite (~> 0.6.0)
      rack (~> 1.4.4)
    nio4r (0.4.3)
    rack (1.4.5)
    rake (10.0.3)
    systemu (2.5.2)
    timers (1.1.0)
    uuid (2.3.7)
      macaddr (~> 1.0)
    vcr (2.4.0)

PLATFORMS
  ruby

DEPENDENCIES
  airplay!
  debugger
  fakeweb (~> 1.3.0)
  minitest (~> 4.4.0)
  net-ptth
  rake
  vcr (~> 2.4.0)
